PATH
  remote: .
  specs:
    counting_semaphore (0.1.0)

GEM
  remote: https://rubygems.org/
  specs:
    ast (2.4.3)
    commander (5.0.0)
      highline (~> 3.0.0)
    connection_pool (2.5.4)
    highline (3.0.1)
    json (2.15.1)
    language_server-protocol (3.17.0.5)
    lint_roller (1.1.0)
    logger (1.7.0)
    minitest (5.26.0)
    parallel (1.27.0)
    parlour (9.1.2)
      commander (~> 5.0)
      parser
      rainbow (~> 3.0)
      sorbet-runtime (>= 0.5)
    parser (3.3.9.0)
      ast (~> 2.4.1)
      racc
    prism (1.6.0)
    racc (1.8.1)
    rainbow (3.1.1)
    rake (13.3.0)
    rbs (3.9.5)
      logger
    redis (5.4.1)
      redis-client (>= 0.22.0)
    redis-client (0.26.1)
      connection_pool
    regexp_parser (2.11.3)
    rubocop (1.80.2)
      json (~> 2.3)
      language_server-protocol (~> 3.17.0.2)
      lint_roller (~> 1.1.0)
      parallel (~> 1.10)
      parser (>= 3.3.0.2)
      rainbow (>= 2.2.2, < 4.0)
      regexp_parser (>= 2.9.3, < 3.0)
      rubocop-ast (>= 1.46.0, < 2.0)
      ruby-progressbar (~> 1.7)
      unicode-display_width (>= 2.4.0, < 4.0)
    rubocop-ast (1.47.1)
      parser (>= 3.3.7.2)
      prism (~> 1.4)
    rubocop-performance (1.25.0)
      lint_roller (~> 1.1)
      rubocop (>= 1.75.0, < 2.0)
      rubocop-ast (>= 1.38.0, < 2.0)
    ruby-progressbar (1.13.0)
    sorbet-runtime (0.6.12650)
    sord (7.1.0)
      commander (~> 5.0)
      parlour (~> 9.1)
      parser
      rbs (>= 3.0, < 5)
      sorbet-runtime
      yard
    standard (1.51.1)
      language_server-protocol (~> 3.17.0.2)
      lint_roller (~> 1.0)
      rubocop (~> 1.80.2)
      standard-custom (~> 1.0.0)
      standard-performance (~> 1.8)
    standard-custom (1.0.2)
      lint_roller (~> 1.0)
      rubocop (~> 1.50)
    standard-performance (1.8.0)
      lint_roller (~> 1.1)
      rubocop-performance (~> 1.25.0)
    unicode-display_width (3.2.0)
      unicode-emoji (~> 4.1)
    unicode-emoji (4.1.0)
    yard (0.9.37)

PLATFORMS
  arm64-darwin-24
  ruby

DEPENDENCIES
  connection_pool (~> 2.4)
  counting_semaphore!
  minitest (~> 5.0)
  rake (~> 13.0)
  redis (~> 5.0)
  sord
  standard (>= 1.35.1)

BUNDLED WITH
   2.6.9
